GEM
  remote: http://rubygems.org/
  specs:
    activemodel (3.2.6)
      activesupport (= 3.2.6)
      builder (~> 3.0.0)
    activerecord (3.2.6)
      activemodel (= 3.2.6)
      activesupport (= 3.2.6)
      arel (~> 3.0.2)
      tzinfo (~> 0.3.29)
    activesupport (3.2.6)
      i18n (~> 0.6)
      multi_json (~> 1.0)
    arel (3.0.2)
    backports (2.6.2)
    bson (1.6.4)
    bson_ext (1.6.2)
      bson (~> 1.6.2)
    builder (3.0.0)
    eventmachine (0.12.10)
    http_router (0.10.2)
      rack (>= 1.0.0)
      url_mount (~> 0.2.1)
    i18n (0.6.0)
    kgio (2.7.4)
    mongo (1.6.2)
      bson (~> 1.6.2)
    mongoid (2.4.8)
      activemodel (~> 3.1)
      mongo (~> 1.3)
      tzinfo (~> 0.3.22)
    mongoid_slug (0.10.0)
      mongoid (~> 2.0)
      stringex (~> 1.3)
    multi_json (1.3.6)
    mysql2 (0.2.6)
    nokogiri (1.5.6)
    padrino-core (0.10.6)
      activesupport (~> 3.2.0)
      http_router (~> 0.10.2)
      sinatra (~> 1.3.1)
      thor (~> 0.14.3)
      tilt (~> 1.3.0)
    padrino-helpers (0.10.6)
      i18n (~> 0.6)
      padrino-core (= 0.10.6)
    rack (1.4.1)
    rack-protection (1.2.0)
      rack
    rack-test (0.6.1)
      rack (>= 1.0)
    raindrops (0.10.0)
    rake (0.9.2.2)
    rakismet (1.2.1)
    redcarpet (2.2.2)
    simple-rss (1.2.3)
    sinatra (1.3.2)
      rack (~> 1.3, >= 1.3.6)
      rack-protection (~> 1.2)
      tilt (~> 1.3, >= 1.3.3)
    sinatra-contrib (1.3.1)
      backports (>= 2.0)
      eventmachine
      rack-protection
      rack-test
      sinatra (~> 1.3.0)
      tilt (~> 1.3)
    sinatra-flash (0.3.0)
      sinatra (>= 1.0.0)
    stringex (1.4.0)
    thor (0.14.6)
    tilt (1.3.3)
    tzinfo (0.3.35)
    unicorn (4.3.1)
      kgio (~> 2.6)
      rack
      raindrops (~> 0.7)
    url_mount (0.2.1)
      rack
    wirble (0.1.3)

PLATFORMS
  ruby

DEPENDENCIES
  activerecord (= 3.2.6)
  bson_ext (= 1.6.2)
  mongo (= 1.6.2)
  mongoid (= 2.4.8)
  mongoid_slug (= 0.10.0)
  mysql2 (= 0.2.6)
  nokogiri
  padrino-helpers (= 0.10.6)
  rack (= 1.4.1)
  rake (= 0.9.2.2)
  rakismet (= 1.2.1)
  redcarpet (= 2.2.2)
  simple-rss (= 1.2.3)
  sinatra (= 1.3.2)
  sinatra-contrib (= 1.3.1)
  sinatra-flash (= 0.3.0)
  tzinfo (= 0.3.35)
  unicorn
  wirble
