GEM
  remote: http://rubygems.org/
  specs:
    activemodel (3.0.3)
      activesupport (= 3.0.3)
      builder (~> 2.1.2)
      i18n (~> 0.4)
    activesupport (3.0.3)
    backports (1.18.2)
    bson (1.1.2)
    bson_ext (1.1.2)
    builder (2.1.2)
    daemons (1.0.10)
    gem_plugin (0.2.3)
    i18n (0.4.2)
    mongo (1.1.2)
      bson (>= 1.1.1)
    mongoid (2.0.0.beta.20)
      activemodel (~> 3.0)
      mongo (~> 1.1)
      tzinfo (~> 0.3.22)
      will_paginate (~> 3.0.pre)
    mongoid_slug (0.4.7)
      mongoid (~> 2.0.0.beta.19)
    mongrel (1.2.0.pre2)
      daemons (~> 1.0.10)
      gem_plugin (~> 0.2.3)
    monkey-lib (0.5.4)
      backports
    rack (1.2.1)
    rdiscount (1.6.5)
    sinatra (1.0)
      rack (>= 1.0)
    sinatra-advanced-routes (0.5.1)
      monkey-lib (~> 0.5.0)
      sinatra (~> 1.0)
      sinatra-sugar (~> 0.5.0)
    sinatra-reloader (0.5.0)
      sinatra (~> 1.0)
      sinatra-advanced-routes (~> 0.5.0)
    sinatra-sugar (0.5.0)
      monkey-lib (~> 0.5.0)
      sinatra (~> 1.0)
    tzinfo (0.3.23)
    will_paginate (3.0.pre2)
    wirble (0.1.3)

PLATFORMS
  ruby

DEPENDENCIES
  bson_ext (= 1.1.2)
  mongo (= 1.1.2)
  mongoid (= 2.0.0.beta.20)
  mongoid_slug (= 0.4.7)
  mongrel (= 1.2.0.pre2)
  rdiscount (= 1.6.5)
  sinatra (= 1.0)
  sinatra-reloader (= 0.5.0)
  wirble
