GEM
  remote: http://rubygems.org/
  specs:
    activemodel (3.2.6)
      activesupport (= 3.2.6)
      builder (~> 3.0.0)
    activesupport (3.2.6)
      i18n (~> 0.6)
      multi_json (~> 1.0)
    addressable (2.3.6)
    backports (3.6.0)
    big_sitemap (1.1.0)
    builder (3.0.4)
    escape_utils (1.0.1)
    faraday (0.9.0)
      multipart-post (>= 1.2, < 3)
    i18n (0.6.9)
    kgio (2.9.2)
    kramdown (1.3.3)
    loofah (1.2.1)
      nokogiri (>= 1.4.4)
    mail (2.5.4)
      mime-types (~> 1.16)
      treetop (~> 1.4.8)
    mime-types (1.25.1)
    mini_portile (0.5.3)
    mongoid (3.1.6)
      activemodel (~> 3.2)
      moped (~> 1.4)
      origin (~> 1.0)
      tzinfo (~> 0.3.29)
    mongoid_slug (3.2.1)
      mongoid (> 3.0)
      stringex (~> 2.0)
    moped (1.5.2)
    multi_json (1.9.2)
    multipart-post (2.0.0)
    nokogiri (1.6.1)
      mini_portile (~> 0.5.0)
    octokit (2.7.2)
      sawyer (~> 0.5.2)
    oj (2.7.3)
    origin (1.1.0)
    polyglot (0.3.4)
    pony (1.8)
      mail (>= 2.0)
    rack (1.5.2)
    rack-protection (1.5.3)
      rack
    rack-test (0.6.2)
      rack (>= 1.0)
    raindrops (0.13.0)
    rake (10.3.1)
    rakismet (1.5.0)
    rinku (1.7.3)
    sawyer (0.5.4)
      addressable (~> 2.3.5)
      faraday (~> 0.8, < 0.10)
    simple-rss (1.3.1)
    sinatra (1.4.5)
      rack (~> 1.4)
      rack-protection (~> 1.4)
      tilt (~> 1.3, >= 1.3.4)
    sinatra-contrib (1.4.2)
      backports (>= 2.0)
      multi_json
      rack-protection
      rack-test
      sinatra (~> 1.4.0)
      tilt (~> 1.3)
    sinatra-flash (0.3.0)
      sinatra (>= 1.0.0)
    sinatra-partial (0.4.0)
      sinatra
    sinatra-webfinger (0.2.3)
      multi_json (>= 1.0)
      sinatra (>= 1.3)
    stringex (2.5.2)
    tilt (1.4.1)
    treetop (1.4.15)
      polyglot
      polyglot (>= 0.3.1)
    tzinfo (0.3.39)
    unicorn (4.8.2)
      kgio (~> 2.6)
      rack
      raindrops (~> 0.7)
    wirble (0.1.3)

PLATFORMS
  ruby

DEPENDENCIES
  big_sitemap
  escape_utils
  kramdown
  loofah
  mongoid (~> 3.1)
  mongoid_slug
  nokogiri
  octokit (~> 2.0)
  oj
  pony
  rack
  rake
  rakismet
  rinku
  simple-rss
  sinatra
  sinatra-contrib
  sinatra-flash (= 0.3.0)
  sinatra-partial
  sinatra-webfinger
  tzinfo
  unicorn
  wirble
