GEM
  remote: http://rubygems.org/
  specs:
    SystemTimer (1.2.3)
    activemodel (3.0.3)
      activesupport (= 3.0.3)
      builder (~> 2.1.2)
      i18n (~> 0.4)
    activerecord (3.0.3)
      activemodel (= 3.0.3)
      activesupport (= 3.0.3)
      arel (~> 2.0.2)
      tzinfo (~> 0.3.23)
    activesupport (3.0.3)
    arel (2.0.6)
    backports (1.18.2)
    bson (1.3.1)
    bson_ext (1.3.1)
    builder (2.1.2)
    i18n (0.6.0)
    mongo (1.3.1)
      bson (>= 1.3.1)
    mongoid (2.0.2)
      activemodel (~> 3.0)
      mongo (~> 1.3)
      tzinfo (~> 0.3.22)
    mongoid_slug (0.7.2)
      mongoid (~> 2.0.0)
      stringex (~> 1.2.0)
    monkey-lib (0.5.4)
      backports
    mysql2 (0.2.6)
    rack (1.2.2)
    rakismet (1.0.1)
    rdiscount (1.6.8)
    sinatra (1.2.6)
      rack (~> 1.1)
      tilt (>= 1.2.2, < 2.0)
    sinatra-advanced-routes (0.5.1)
      monkey-lib (~> 0.5.0)
      sinatra (~> 1.0)
      sinatra-sugar (~> 0.5.0)
    sinatra-content-for (0.2)
      sinatra
    sinatra-reloader (0.5.0)
      sinatra (~> 1.0)
      sinatra-advanced-routes (~> 0.5.0)
    sinatra-sugar (0.5.0)
      monkey-lib (~> 0.5.0)
      sinatra (~> 1.0)
    stringex (1.2.1)
    tilt (1.3.1)
    tzinfo (0.3.27)
    wirble (0.1.3)

PLATFORMS
  ruby

DEPENDENCIES
  SystemTimer (= 1.2.3)
  activerecord (= 3.0.3)
  bson_ext (= 1.3.1)
  mongo (= 1.3.1)
  mongoid (= 2.0.2)
  mongoid_slug (= 0.7.2)
  mysql2 (= 0.2.6)
  rakismet (= 1.0.1)
  rdiscount (= 1.6.8)
  sinatra (= 1.2.6)
  sinatra-content-for (= 0.2)
  sinatra-reloader (= 0.5.0)
  wirble
